GEM
  remote: https://rubygems.org/
  specs:
    ffi (1.0.11)
    ffi-rzmq (0.9.3)
      ffi
    foreman (0.47.0)
      thor (>= 0.13.6)
    puma (1.4.0)
      rack (~> 1.2)
    rack (1.4.1)
    rack-protection (1.2.0)
      rack
    sinatra (1.3.2)
      rack (~> 1.3, >= 1.3.6)
      rack-protection (~> 1.2)
      tilt (~> 1.3, >= 1.3.3)
    thor (0.15.2)
    tilt (1.3.3)

PLATFORMS
  ruby

DEPENDENCIES
  ffi-rzmq
  foreman
  puma
  rack
  sinatra
